GEM
  remote: https://rubygems.org/
  specs:
    highline (1.7.8)
    rake (11.2.2)

PLATFORMS
  ruby

DEPENDENCIES
  highline
  rake

BUNDLED WITH
   1.12.5
