GEM
  remote: https://rubygems.org/
  specs:
    faker (1.6.6)
      i18n (~> 0.5)
    i18n (0.7.0)
    rake (11.2.2)

PLATFORMS
  ruby

DEPENDENCIES
  faker
  rake

BUNDLED WITH
   1.12.5
